GIT
  remote: git@github.com:redronin/rubyplex.git
  revision: 9b7907452f61a33033ebe0ffb575d4dc51c44325
  specs:
    rubyplex (2.0.4)
      faraday
      json

PATH
  remote: .
  specs:
    media_rename (1.0.1)
      liquid
      thor

GEM
  remote: https://rubygems.org/
  specs:
    activesupport (6.0.2.2)
      concurrent-ruby (~> 1.0, >= 1.0.2)
      i18n (>= 0.7, < 2)
      minitest (~> 5.1)
      tzinfo (~> 1.1)
      zeitwerk (~> 2.2)
    addressable (2.8.0)
      public_suffix (>= 2.0.2, < 5.0)
    concurrent-ruby (1.1.6)
    crack (0.4.5)
      rexml
    faraday (1.3.0)
      faraday-net_http (~> 1.0)
      multipart-post (>= 1.2, < 3)
      ruby2_keywords
    faraday-net_http (1.0.1)
    hashdiff (1.0.1)
    i18n (1.8.2)
      concurrent-ruby (~> 1.0)
    json (2.5.1)
    liquid (5.0.0)
    minitest (5.14.0)
    mocha (1.12.0)
    multipart-post (2.1.1)
    public_suffix (4.0.6)
    rake (13.0.1)
    rexml (3.2.4)
    ruby2_keywords (0.0.4)
    thor (1.0.1)
    thread_safe (0.3.6)
    tzinfo (1.2.7)
      thread_safe (~> 0.1)
    webmock (3.11.0)
      addressable (>= 2.3.6)
      crack (>= 0.3.2)
      hashdiff (>= 0.4.0, < 2.0.0)
    zeitwerk (2.3.0)

PLATFORMS
  ruby

DEPENDENCIES
  activesupport
  bundler
  media_rename!
  minitest
  mocha
  rake
  rubyplex!
  webmock

BUNDLED WITH
   2.2.8
