GIT
  remote: git@github.com:jt8675309/rubyplex.git
  revision: 9b7907452f61a33033ebe0ffb575d4dc51c44325
  specs:
    rubyplex (2.0.4)
      faraday
      json

PATH
  remote: .
  specs:
    media_rename (1.0.1)
      liquid
      thor

GEM
  remote: https://rubygems.org/
  specs:
    activesupport (7.0.4.2)
      concurrent-ruby (~> 1.0, >= 1.0.2)
      i18n (>= 1.6, < 2)
      minitest (>= 5.1)
      tzinfo (~> 2.0)
    addressable (2.7.0)
      public_suffix (>= 2.0.2, < 5.0)
    concurrent-ruby (1.2.0)
    crack (0.4.5)
      rexml
    faraday (2.2.0)
      faraday-net_http (~> 2.0)
      ruby2_keywords (>= 0.0.4)
    faraday-net_http (2.0.1)
    hashdiff (1.0.1)
    i18n (1.12.0)
      concurrent-ruby (~> 1.0)
    json (2.6.1)
    liquid (5.0.0)
    minitest (5.14.0)
    mocha (1.12.0)
    public_suffix (4.0.6)
    rake (13.0.1)
    rexml (3.2.4)
    ruby2_keywords (0.0.5)
    thor (1.0.1)
    tzinfo (2.0.6)
      concurrent-ruby (~> 1.0)
    webmock (3.11.0)
      addressable (>= 2.3.6)
      crack (>= 0.3.2)
      hashdiff (>= 0.4.0, < 2.0.0)

PLATFORMS
  ruby

DEPENDENCIES
  activesupport
  bundler
  media_rename!
  minitest
  mocha
  rake
  rubyplex!
  webmock

BUNDLED WITH
   2.2.15
